GEM
  remote: https://rubygems.org/
  specs:
    backports (3.8.0)
    better_errors (2.1.1)
      coderay (>= 1.0.0)
      erubis (>= 2.6.6)
      rack (>= 0.9.0)
    binding_of_caller (0.7.2)
      debug_inspector (>= 0.0.1)
    breakpoint (2.7.1)
      sass (~> 3.3)
      sassy-maps (< 1.0.0)
    chunky_png (1.3.8)
    coderay (1.1.1)
    compass (1.0.3)
      chunky_png (~> 1.2)
      compass-core (~> 1.0.2)
      compass-import-once (~> 1.0.5)
      rb-fsevent (>= 0.9.3)
      rb-inotify (>= 0.9)
      sass (>= 3.3.13, < 3.5)
    compass-core (1.0.3)
      multi_json (~> 1.0)
      sass (>= 3.3.0, < 3.5)
    compass-import-once (1.0.5)
      sass (>= 3.2, < 3.5)
    debug_inspector (0.0.2)
    erubis (2.7.0)
    escape_utils (1.2.1)
    execjs (2.7.0)
    ffi (1.9.18)
    hike (1.2.3)
    httparty (0.15.6)
      multi_xml (>= 0.5.2)
    kgio (2.11.0)
    mail (2.6.6)
      mime-types (>= 1.16, < 4)
    make_todo (0.1.0)
    mime-types (3.1)
      mime-types-data (~> 3.2015)
    mime-types-data (3.2016.0521)
    multi_json (1.12.2)
    multi_xml (0.5.5)
    pony (1.11)
      mail (>= 2.0)
    rack (1.6.8)
    rack-compatible (0.0.1)
      rack
    rack-protection (1.5.3)
      rack
    rack-test (0.7.0)
      rack (>= 1.0, < 3)
    raindrops (0.19.0)
    rb-fsevent (0.10.2)
    rb-inotify (0.9.10)
      ffi (>= 0.5.0, < 2)
    sass (3.4.25)
    sassy-maps (0.4.0)
      sass (~> 3.3)
    sinatra (1.4.8)
      rack (~> 1.5)
      rack-protection (~> 1.4)
      tilt (>= 1.3, < 3)
    sinatra-contrib (1.4.7)
      backports (>= 2.0)
      multi_json
      rack-protection
      rack-test
      sinatra (~> 1.4.0)
      tilt (>= 1.3, < 3)
    sinatra-flash (0.3.0)
      sinatra (>= 1.0.0)
    sinatra-routing-helpers (0.0.9)
      rack
      sinatra (~> 1.4.0)
    sinatra-tag-helpers (0.0.12)
      escape_utils (>= 0.3.0)
      sinatra (>= 1.4.0)
    sprockets (2.12.4)
      hike (~> 1.2)
      multi_json (~> 1.0)
      rack (~> 1.0)
      tilt (~> 1.1, != 1.3.0)
    sprockets-helpers (1.2.1)
      sprockets (>= 2.2)
    sprockets-sass (1.3.1)
      sprockets (~> 2.0)
      tilt (~> 1.1)
    susy (2.2.12)
      sass (>= 3.3.0, < 3.5)
    tilt (1.4.1)
    uglifier (3.2.0)
      execjs (>= 0.3.0, < 3)
    unicorn (5.3.0)
      kgio (~> 2.6)
      raindrops (~> 0.7)

PLATFORMS
  ruby

DEPENDENCIES
  better_errors
  binding_of_caller
  breakpoint
  compass
  erubis
  escape_utils
  httparty
  make_todo
  pony
  rack-compatible
  sinatra
  sinatra-contrib
  sinatra-flash
  sinatra-routing-helpers
  sinatra-tag-helpers
  sprockets
  sprockets-helpers
  sprockets-sass
  susy
  uglifier
  unicorn

BUNDLED WITH
   1.12.5
